FRAMEWORK: >= NET452
NUGET
  remote: https://www.nuget.org/api/v2
    FsXaml.Wpf (3.1.6)
    Gjallarhorn (0.0.9-beta)
    Gjallarhorn.Bindable (0.0.9-beta)
      Gjallarhorn (>= 0.0.9-beta)
    Gjallarhorn.Bindable.Wpf (0.0.9-beta)
      Gjallarhorn (>= 0.0.9-beta)
      Gjallarhorn.Bindable (>= 0.0.9-beta)
    System.ValueTuple (4.3.1)
    XamlAnimatedGif (1.1.9)
